GEM
  remote: https://rubygems.org/
  specs:
    addressable (2.5.2)
      public_suffix (>= 2.0.2, < 4.0)
    byebug (9.0.6)
    faraday (0.13.1)
      multipart-post (>= 1.2, < 3)
    i18n (0.7.0)
    multipart-post (2.0.0)
    octokit (4.7.0)
      sawyer (~> 0.8.0, >= 0.5.3)
    ordinalize_full (1.4.0)
      i18n (~> 0.7.0)
    public_suffix (3.0.0)
    sawyer (0.8.1)
      addressable (>= 2.3.5, < 2.6)
      faraday (~> 0.8, < 1.0)
    tty-cursor (0.5.0)
    tty-spinner (0.7.0)
      tty-cursor (>= 0.5.0)

PLATFORMS
  ruby

DEPENDENCIES
  byebug
  octokit (~> 4.0)
  ordinalize_full (~> 1.1, >= 1.1.1)
  tty-spinner

BUNDLED WITH
   1.14.6
